PATH
  remote: .
  specs:
    bumper_pusher (0.2.3)
      colorize (~> 0.7)
      github_changelog_generator (>= 1.2, < 5.0)

GEM
  remote: https://rubygems.org/
  specs:
    activesupport (5.0.0.1)
      concurrent-ruby (~> 1.0, >= 1.0.2)
      i18n (~> 0.7)
      minitest (~> 5.1)
      tzinfo (~> 1.1)
    addressable (2.5.0)
      public_suffix (~> 2.0, >= 2.0.2)
    colorize (0.8.1)
    concurrent-ruby (1.0.2)
    faraday (0.9.2)
      multipart-post (>= 1.2, < 3)
    faraday-http-cache (1.3.1)
      faraday (~> 0.8)
    github_changelog_generator (1.14.1)
      activesupport
      faraday-http-cache
      multi_json
      octokit (~> 4.0)
      rainbow (>= 2.1)
      rake (>= 10.0)
      retriable (~> 2.1)
    i18n (0.7.0)
    minitest (5.9.1)
    multi_json (1.12.1)
    multipart-post (2.0.0)
    octokit (4.6.0)
      sawyer (~> 0.8.0, >= 0.5.3)
    public_suffix (2.0.4)
    rainbow (2.1.0)
    rake (10.5.0)
    retriable (2.1.0)
    sawyer (0.8.0)
      addressable (>= 2.3.5, < 2.6)
      faraday (~> 0.8, < 0.10)
    thread_safe (0.3.5)
    tzinfo (1.2.2)
      thread_safe (~> 0.1)

PLATFORMS
  ruby

DEPENDENCIES
  bumper_pusher!
  bundler (~> 1.7)
  rake (~> 10.0)

BUNDLED WITH
   1.13.1
